PATH
  remote: .
  specs:
    fid (0.0.0)

GEM
  remote: http://rubygems.org/
  specs:
    rake (0.8.7)
    rspec (1.3.0)

PLATFORMS
  ruby

DEPENDENCIES
  bundler (>= 1.0.0.rc.5)
  fid!
  rake (>= 0.8.7)
  rspec (>= 1.3.0)
